GEM
  remote: http://rubygems.org/
  specs:
    backports (2.5.0)
    blankslate (2.1.2.4)
    clj (0.0.5.6)
    eventmachine (0.12.10-java)
    rack (1.4.1)
    rack-protection (1.2.0)
      rack
    rack-test (0.6.1)
      rack (>= 1.0)
    rake (0.9.2.2)
    sinatra (1.3.2)
      rack (~> 1.3, >= 1.3.6)
      rack-protection (~> 1.2)
      tilt (~> 1.3, >= 1.3.3)
    sinatra-contrib (1.3.1)
      backports (>= 2.0)
      eventmachine
      rack-protection
      rack-test
      sinatra (~> 1.3.0)
      tilt (~> 1.3)
    thor (0.14.6)
    tilt (1.3.3)
    torquebox (2.0.0.cr2)
      thor (>= 0.9.0, < 1.0.0)
      torquebox-cache (= 2.0.0.cr2)
      torquebox-configure (= 2.0.0.cr2)
      torquebox-core (= 2.0.0.cr2)
      torquebox-messaging (= 2.0.0.cr2)
      torquebox-naming (= 2.0.0.cr2)
      torquebox-rake-support (= 2.0.0.cr2)
      torquebox-security (= 2.0.0.cr2)
      torquebox-stomp (= 2.0.0.cr2)
      torquebox-transactions (= 2.0.0.cr2)
      torquebox-web (= 2.0.0.cr2)
    torquebox-cache (2.0.0.cr2-java)
      torquebox-core (= 2.0.0.cr2)
      torquebox-transactions (= 2.0.0.cr2)
    torquebox-configure (2.0.0.cr2-java)
      blankslate (= 2.1.2.4)
    torquebox-core (2.0.0.cr2-java)
    torquebox-messaging (2.0.0.cr2-java)
      clj (= 0.0.5.6)
      torquebox-core (= 2.0.0.cr2)
      torquebox-transactions (= 2.0.0.cr2)
    torquebox-naming (2.0.0.cr2-java)
    torquebox-rake-support (2.0.0.cr2)
      rake (>= 0.8.7, < 1.0.0)
    torquebox-security (2.0.0.cr2-java)
      torquebox-core (= 2.0.0.cr2)
    torquebox-stomp (2.0.0.cr2)
      torquebox-core (= 2.0.0.cr2)
      torquebox-messaging (= 2.0.0.cr2)
    torquebox-transactions (2.0.0.cr2)
      torquebox-core (= 2.0.0.cr2)
    torquebox-web (2.0.0.cr2-java)

PLATFORMS
  java

DEPENDENCIES
  sinatra
  sinatra-contrib
  torquebox (= 2.0.0.cr2)
